GEM
  remote: http://rubygems.org/
  specs:
    addressable (2.3.5)
    builder (3.2.2)
    capybara (2.1.0)
      mime-types (>= 1.16)
      nokogiri (>= 1.3.3)
      rack (>= 1.0.0)
      rack-test (>= 0.5.4)
      xpath (~> 2.0)
    childprocess (0.3.9)
      ffi (~> 1.0, >= 1.0.11)
    chromedriver-helper (0.0.5)
      nokogiri
    cliver (0.2.2)
    configatron (2.13.0)
      yamler (>= 0.1.0)
    cookiejar (0.3.0)
    cover_me (1.2.0)
      configatron
      hashie
    crack (0.4.1)
      safe_yaml (~> 0.9.0)
    cucumber (1.3.8)
      builder (>= 2.1.2)
      diff-lcs (>= 1.1.3)
      gherkin (~> 2.12.1)
      multi_json (>= 1.7.5, < 2.0)
      multi_test (>= 0.0.2)
    daemons (1.1.9)
    data_magic (0.16.1)
      faker (>= 1.1.2)
      yml_reader (>= 0.2)
    diff-lcs (1.2.4)
    em-http-request (1.1.1)
      addressable (>= 2.3.4)
      cookiejar
      em-socksify (>= 0.3)
      eventmachine (>= 1.0.3)
      http_parser.rb (>= 0.6.0.beta.2)
    em-socksify (0.3.0)
      eventmachine (>= 1.0.0.beta.4)
    em-synchrony (1.0.3)
      eventmachine (>= 1.0.0.beta.1)
    eventmachine (1.0.3)
    faker (1.2.0)
      i18n (~> 0.5)
    ffi (1.9.0)
    gherkin (2.12.1)
      multi_json (~> 1.3)
    hashie (2.0.5)
    http_parser.rb (0.6.0.beta.2)
    i18n (0.6.5)
    mime-types (2.0)
    mini_portile (0.5.1)
    multi_json (1.8.0)
    multi_test (0.0.2)
    nokogiri (1.6.0)
      mini_portile (~> 0.5.0)
    page-object (0.9.2)
      page_navigation (>= 0.8)
      selenium-webdriver (>= 2.35.0)
      watir-webdriver (>= 0.6.4)
    page_magic (0.8.8)
      capybara
      wait
      watir-webdriver
    page_navigation (0.9)
      data_magic (>= 0.14)
    poltergeist (1.4.1)
      capybara (~> 2.1.0)
      cliver (~> 0.2.1)
      multi_json (~> 1.0)
      websocket-driver (>= 0.2.0)
    rack (1.5.2)
    rack-protection (1.5.0)
      rack
    rack-test (0.6.2)
      rack (>= 1.0)
    rake (10.1.0)
    rspec (2.14.1)
      rspec-core (~> 2.14.0)
      rspec-expectations (~> 2.14.0)
      rspec-mocks (~> 2.14.0)
    rspec-core (2.14.5)
    rspec-expectations (2.14.3)
      diff-lcs (>= 1.1.3, < 2.0)
    rspec-mocks (2.14.3)
    ruby-debug-ide (0.4.18)
      rake (>= 0.8.1)
    rubyzip (0.9.9)
    safe_yaml (0.9.7)
    selenium-webdriver (2.35.1)
      childprocess (>= 0.2.5)
      multi_json (~> 1.0)
      rubyzip (< 1.0.0)
      websocket (~> 1.0.4)
    sinatra (1.4.3)
      rack (~> 1.4)
      rack-protection (~> 1.4)
      tilt (~> 1.3, >= 1.3.4)
    slim (2.0.2)
      temple (~> 0.6.6)
      tilt (>= 1.3.3, < 2.1)
    sqlite3 (1.3.8)
    temple (0.6.7)
    thin (1.6.0)
      daemons (>= 1.0.9)
      eventmachine (>= 1.0.0)
      rack (>= 1.5.0)
    tilt (1.4.1)
    wait (0.5.1)
    watir-webdriver (0.6.4)
      selenium-webdriver (>= 2.18.0)
    webmock (1.13.0)
      addressable (>= 2.2.7)
      crack (>= 0.3.2)
    websocket (1.0.7)
    websocket-driver (0.3.0)
    xpath (2.0.0)
      nokogiri (~> 1.3)
    yamler (0.1.0)
    yml_reader (0.2)

PLATFORMS
  ruby

DEPENDENCIES
  capybara
  chromedriver-helper
  cover_me
  cucumber
  em-http-request
  em-synchrony
  page-object
  page_magic
  poltergeist
  rake
  rspec
  ruby-debug-ide
  sinatra
  slim
  sqlite3
  thin
  watir-webdriver
  webmock
